GEM
  remote: https://rubygems.org/
  specs:
    activesupport (4.2.1)
      i18n (~> 0.7)
      json (~> 1.7, >= 1.7.7)
      minitest (~> 5.1)
      thread_safe (~> 0.3, >= 0.3.4)
      tzinfo (~> 1.1)
    addressable (2.3.8)
    cookiejar (0.3.2)
    daemons (1.2.2)
    em-http-request (1.1.2)
      addressable (>= 2.3.4)
      cookiejar
      em-socksify (>= 0.3)
      eventmachine (>= 1.0.3)
      http_parser.rb (>= 0.6.0)
    em-socksify (0.3.0)
      eventmachine (>= 1.0.0.beta.4)
    eventmachine (1.0.7)
    hipbot (1.0.3)
      activesupport (>= 3.0.0)
      daemons (~> 1.1)
      em-http-request (~> 1.1)
      eventmachine (~> 1.0)
      xmpp4r-hipchat (= 0.0.4)
    http_parser.rb (0.6.0)
    i18n (0.7.0)
    json (1.8.3)
    minitest (5.7.0)
    thread_safe (0.3.5)
    tzinfo (1.2.2)
      thread_safe (~> 0.1)
    xmpp4r (0.5.6)
    xmpp4r-hipchat (0.0.4)
      xmpp4r (~> 0.5)

PLATFORMS
  ruby

DEPENDENCIES
  hipbot
