GEM
  remote: https://rubygems.org/
  specs:
    hipchat (1.5.1)
      httparty
      mimemagic
    httparty (0.13.5)
      json (~> 1.8)
      multi_xml (>= 0.5.2)
    json (1.8.3)
    mimemagic (0.3.0)
    multi_xml (0.5.5)

PLATFORMS
  ruby

DEPENDENCIES
  hipchat
